PATH
  remote: .
  specs:
    yantra (0.1.0)

GEM
  remote: https://rubygems.org/
  specs:
    minitest (5.25.4)
    rake (13.2.1)

PLATFORMS
  arm64-darwin-24

DEPENDENCIES
  minitest (~> 5.0)
  rake (~> 13.0)
  yantra!

BUNDLED WITH
   2.4.10
